GIT
  remote: git://github.com/kristianmandrup/mongoid-geo.git
  revision: 5a0c13e7fbf5ad32648e57ba4f655b3c1573aab7
  specs:
    mongoid_geo (0.6.0)
      activesupport (> 3)
      activesupport (> 3)
      bson (>= 1.3)
      bson (>= 1.3)
      hashie (>= 0.4.0)
      hashie (>= 0.4.0)
      mongoid (> 2)
      mongoid (> 2)

GEM
  remote: http://rubygems.org/
  specs:
    SystemTimer (1.2.3)
    activemodel (3.0.7)
      activesupport (= 3.0.7)
      builder (~> 2.1.2)
      i18n (~> 0.5.0)
    activesupport (3.0.7)
    bson (1.3.1)
    bson_ext (1.3.1)
    builder (2.1.2)
    columnize (0.3.2)
    geokit (1.5.0)
    hashie (1.0.0)
    i18n (0.5.0)
    linecache (0.43)
    mongo (1.3.1)
      bson (>= 1.3.1)
    mongo_ext (0.19.3)
    mongoid (2.0.1)
      activemodel (~> 3.0)
      mongo (~> 1.3)
      tzinfo (~> 0.3.22)
      will_paginate (~> 3.0.pre)
    rack (1.2.2)
    ruby-debug (0.10.4)
      columnize (>= 0.1)
      ruby-debug-base (~> 0.10.4.0)
    ruby-debug-base (0.10.4)
      linecache (>= 0.3)
    sinatra (1.2.6)
      rack (~> 1.1)
      tilt (< 2.0, >= 1.2.2)
    sinatra-mongoid (0.0.2)
      mongo_ext
      mongoid
      sinatra
    tilt (1.3.1)
    tzinfo (0.3.27)
    will_paginate (3.0.pre2)

PLATFORMS
  ruby

DEPENDENCIES
  SystemTimer
  bson_ext
  geokit
  mongoid_geo!
  ruby-debug
  sinatra
  sinatra-mongoid
